PATH
  remote: .
  specs:
    irb-theme-rk2024 (0.1.0)
      reline (>= 0.5.0)

GEM
  remote: https://rubygems.org/
  specs:
    io-console (0.7.2)
    rake (13.2.1)
    reline (0.5.3)
      io-console (~> 0.5)

PLATFORMS
  arm64-darwin-22
  ruby

DEPENDENCIES
  irb-theme-rk2024!
  rake (~> 13.0)

BUNDLED WITH
   2.5.9
